GEM
  remote: https://rubygems.org/
  specs:
    activesupport (3.2.12)
      i18n (~> 0.6)
      multi_json (~> 1.0)
    i18n (0.6.4)
    json (1.7.7)
    json-schema (1.1.1)
    minitest (4.6.2)
    multi_json (1.6.1)

PLATFORMS
  ruby

DEPENDENCIES
  activesupport
  json
  json-schema
  minitest
